GEM
  remote: https://rubygems.org/
  specs:
    awesome_print (1.8.0)
    awesome_pry (0.0.1)
      awesome_print
      pry-rails
    coderay (1.1.2)
    dotenv (2.7.5)
    equatable (0.6.1)
    faraday (0.17.3)
      multipart-post (>= 1.2, < 3)
    faraday_middleware (0.14.0)
      faraday (>= 0.7.4, < 1.0)
    faraday_middleware-parse_oj (0.3.2)
      faraday (~> 0.9)
      faraday_middleware (>= 0.9.1, < 1.0)
      oj (>= 2.0, < 4.0)
    method_source (1.0.0)
    multipart-post (2.1.1)
    necromancer (0.6.0)
    oj (3.10.6)
    pastel (0.7.3)
      equatable (~> 0.6)
      tty-color (~> 0.5)
    pry (0.13.1)
      coderay (~> 1.1)
      method_source (~> 1.0)
    pry-rails (0.3.9)
      pry (>= 0.10.4)
    strings (0.1.8)
      strings-ansi (~> 0.1)
      unicode-display_width (~> 1.5)
      unicode_utils (~> 1.4)
    strings-ansi (0.2.0)
    tty-color (0.5.1)
    tty-screen (0.7.1)
    tty-table (0.11.0)
      equatable (~> 0.6)
      necromancer (~> 0.5)
      pastel (~> 0.7.2)
      strings (~> 0.1.5)
      tty-screen (~> 0.7)
    unicode-display_width (1.7.0)
    unicode_utils (1.4.0)

PLATFORMS
  ruby

DEPENDENCIES
  awesome_pry
  dotenv
  faraday
  faraday_middleware
  faraday_middleware-parse_oj
  tty-table

BUNDLED WITH
   2.1.4
